GIT
  remote: https://github.com/mhuggins/lol_client.git
  revision: 7d2c4eaefc42b38ffaa24c5bb9728d67841af84e
  specs:
    lol_client (0.0.1)
      representable
      rest-client

GIT
  remote: https://github.com/rails/rails.git
  revision: 1c248dfbabd2f2d99191e3ab2a013061e7a1c896
  specs:
    actionmailer (4.1.0.beta2)
      actionpack (= 4.1.0.beta2)
      actionview (= 4.1.0.beta2)
      mail (~> 2.5.4)
    actionpack (4.1.0.beta2)
      actionview (= 4.1.0.beta2)
      activesupport (= 4.1.0.beta2)
      rack (~> 1.5.2)
      rack-test (~> 0.6.2)
    actionview (4.1.0.beta2)
      activesupport (= 4.1.0.beta2)
      builder (~> 3.1)
      erubis (~> 2.7.0)
    activemodel (4.1.0.beta2)
      activesupport (= 4.1.0.beta2)
      builder (~> 3.1)
    activerecord (4.1.0.beta2)
      activemodel (= 4.1.0.beta2)
      activesupport (= 4.1.0.beta2)
      arel (~> 5.0.0)
    activesupport (4.1.0.beta2)
      i18n (~> 0.6, >= 0.6.9)
      json (~> 1.7, >= 1.7.7)
      minitest (~> 5.1)
      thread_safe (~> 0.1)
      tzinfo (~> 1.1)
    rails (4.1.0.beta2)
      actionmailer (= 4.1.0.beta2)
      actionpack (= 4.1.0.beta2)
      actionview (= 4.1.0.beta2)
      activemodel (= 4.1.0.beta2)
      activerecord (= 4.1.0.beta2)
      activesupport (= 4.1.0.beta2)
      bundler (>= 1.3.0, < 2.0)
      railties (= 4.1.0.beta2)
      sprockets-rails (~> 2.0.0)
    railties (4.1.0.beta2)
      actionpack (= 4.1.0.beta2)
      activesupport (= 4.1.0.beta2)
      rake (>= 0.8.7)
      thor (>= 0.18.1, < 2.0)

GEM
  remote: https://rubygems.org/
  specs:
    arel (5.0.0)
    atomic (1.1.14)
    builder (3.2.2)
    erubis (2.7.0)
    hike (1.2.3)
    i18n (0.6.9)
    json (1.8.1)
    mail (2.5.4)
      mime-types (~> 1.16)
      treetop (~> 1.4.8)
    mime-types (1.25.1)
    mini_portile (0.5.2)
    minitest (5.2.3)
    multi_json (1.8.4)
    nokogiri (1.6.1)
      mini_portile (~> 0.5.0)
    polyglot (0.3.4)
    rack (1.5.2)
    rack-test (0.6.2)
      rack (>= 1.0)
    rake (10.1.1)
    representable (1.7.5)
      multi_json
      nokogiri
    rest-client (1.6.7)
      mime-types (>= 1.16)
    sprockets (2.10.1)
      hike (~> 1.2)
      multi_json (~> 1.0)
      rack (~> 1.0)
      tilt (~> 1.1, != 1.3.0)
    sprockets-rails (2.0.1)
      actionpack (>= 3.0)
      activesupport (>= 3.0)
      sprockets (~> 2.8)
    thor (0.18.1)
    thread_safe (0.1.3)
      atomic
    tilt (1.4.1)
    treetop (1.4.15)
      polyglot
      polyglot (>= 0.3.1)
    tzinfo (1.1.0)
      thread_safe (~> 0.1)

PLATFORMS
  ruby

DEPENDENCIES
  lol_client!
  multi_json (= 1.8.4)
  rails!
